GEM
  remote: https://rubygems.org/
  specs:
    autostacker24 (2.7.0)
      aws-sdk-core (~> 2)
      json (~> 2.0)
      json_pure (~> 2.0)
    aws-eventstream (1.0.3)
    aws-sdk (2.11.352)
      aws-sdk-resources (= 2.11.352)
    aws-sdk-core (2.11.352)
      aws-sigv4 (~> 1.0)
      jmespath (~> 1.0)
    aws-sdk-resources (2.11.352)
      aws-sdk-core (= 2.11.352)
    aws-sigv4 (1.1.0)
      aws-eventstream (~> 1.0, >= 1.0.2)
    jmespath (1.4.0)
    json (2.2.0)
    json_pure (2.2.0)

PLATFORMS
  ruby

DEPENDENCIES
  autostacker24 (~> 2.7.0)
  aws-sdk (~> 2.5)

BUNDLED WITH
   1.17.3
